{
  "Modality": "MR",
  "MagneticFieldStrength": 3,
  "ImagingFrequency": 123.247,
  "Manufacturer": "Siemens",
  "ManufacturersModelName": "Prisma_fit",
  "InstitutionName": "Washington_University",
  "InstitutionalDepartmentName": "Department",
  "InstitutionAddress": "Scott_Ave_4525_St._Louis_MO_US_63110",
  "DeviceSerialNumber": "67064",
  "StationName": "MRC35177",
  "BodyPartExamined": "HEAD",
  "PatientPosition": "HFS",
  "ProcedureStepDescription": "head_Braver",
  "SoftwareVersions": "syngo_MR_E11",
  "MRAcquisitionType": "2D",
  "SeriesDescription": "SpinEchoFieldMap_PA",
  "ProtocolName": "SpinEchoFieldMap_PA",
  "ScanningSequence": "EP",
  "SequenceVariant": "SK",
  "ScanOptions": "FS",
  "SequenceName": "epse2d1_90",
  "ImageType": [
    "ORIGINAL",
    "PRIMARY",
    "M",
    "ND",
    "MOSAIC"
  ],
  "SeriesNumber": 10,
  "AcquisitionTime": "16:07:18.250000",
  "AcquisitionNumber": 1,
  "SliceThickness": 2.4,
  "SpacingBetweenSlices": 2.4,
  "SAR": 0.164612,
  "EchoTime": 0.06,
  "RepetitionTime": 6.1,
  "FlipAngle": 90,
  "PartialFourier": 1,
  "BaseResolution": 90,
  "ShimSetting": [
    -2010,
    -11504,
    5840,
    402,
    -23,
    192,
    60,
    10
  ],
  "TxRefAmp": 238.246,
  "PhaseResolution": 1,
  "VendorReportedEchoSpacing": 0.00059,
  "ReceiveCoilName": "Head_32",
  "ReceiveCoilActiveElements": "HEA;HEP",
  "PulseSequenceDetails": "%CustomerSeq%_cmrr_mbep2d_se",
  "WipMemBlock": "7b52a0a8-82cd-4419-a680-10121fb1699c||Sequence: ve11c/master r/068cfa9; Jul 21 2016 14:59:29 by eja",
  "ConsistencyInfo": "N4_VE11C_LATEST_20160120",
  "PercentPhaseFOV": 100,
  "EchoTrainLength": 90,
  "PhaseEncodingSteps": 90,
  "AcquisitionMatrixPE": 90,
  "ReconMatrixPE": 90,
  "BandwidthPerPixelPhaseEncode": 18.832,
  "EffectiveEchoSpacing": 0.000590012,
  "DerivedVendorReportedEchoSpacing": 0.000590012,
  "TotalReadoutTime": 0.0525111,
  "PixelBandwidth": 2220,
  "DwellTime": 2.5e-06,
  "PhaseEncodingDirection": "j",
  "SliceTiming": [
    3.04,
    0,
    3.1425,
    0.1025,
    3.2425,
    0.205,
    3.345,
    0.305,
    3.4475,
    0.4075,
    3.5475,
    0.5075,
    3.65,
    0.61,
    3.75,
    0.71,
    3.8525,
    0.8125,
    3.9525,
    0.9125,
    4.055,
    1.015,
    4.155,
    1.115,
    4.2575,
    1.2175,
    4.3575,
    1.3175,
    4.46,
    1.42,
    4.56,
    1.52,
    4.6625,
    1.6225,
    4.7625,
    1.725,
    4.865,
    1.825,
    4.9675,
    1.9275,
    5.0675,
    2.0275,
    5.17,
    2.13,
    5.27,
    2.23,
    5.3725,
    2.3325,
    5.4725,
    2.4325,
    5.575,
    2.535,
    5.675,
    2.635,
    5.7775,
    2.7375,
    5.8775,
    2.8375,
    5.98,
    2.94
  ],
  "ImageOrientationPatientDICOM": [
    0.998251,
    0.000804435,
    0.0591177,
    0.028058,
    0.873691,
    -0.485671
  ],
  "InPlanePhaseEncodingDirectionDICOM": "COL",
  "ConversionSoftware": "dcm2niix",
  "ConversionSoftwareVersion": "v1.0.20190902",
  "IntendedFor": [
    "ses-wave1bas/func/sub-f8570ui_ses-wave1bas_task-Axcpt_acq-mb4AP_run-1_bold.nii.gz",
    "ses-wave1bas/func/sub-f8570ui_ses-wave1bas_task-Cuedts_acq-mb4AP_run-1_bold.nii.gz",
    "ses-wave1bas/func/sub-f8570ui_ses-wave1bas_task-Stern_acq-mb4AP_run-1_bold.nii.gz",
    "ses-wave1bas/func/sub-f8570ui_ses-wave1bas_task-Stroop_acq-mb4AP_run-1_bold.nii.gz"
  ]
}
