{
  "Modality": "MR",
  "MagneticFieldStrength": 3,
  "ImagingFrequency": 123.247,
  "Manufacturer": "Siemens",
  "ManufacturersModelName": "Prisma_fit",
  "InstitutionName": "Washington_University",
  "InstitutionalDepartmentName": "Department",
  "InstitutionAddress": "Scott_Ave_4525_St._Louis_MO_US_63110",
  "DeviceSerialNumber": "67064",
  "StationName": "MRC35177",
  "BodyPartExamined": "HEAD",
  "PatientPosition": "HFS",
  "ProcedureStepDescription": "head_Braver",
  "SoftwareVersions": "syngo_MR_E11",
  "MRAcquisitionType": "2D",
  "SeriesDescription": "tfMRI_StroopBas2_PA_SBRef",
  "ProtocolName": "tfMRI_StroopBas2_PA",
  "ScanningSequence": "EP",
  "SequenceVariant": "SK_SS",
  "ScanOptions": "FS_EXT",
  "SequenceName": "epfid2d1_90",
  "ImageType": [
    "ORIGINAL",
    "PRIMARY",
    "M",
    "ND",
    "MOSAIC"
  ],
  "SeriesNumber": 30,
  "AcquisitionTime": "16:29:23.732500",
  "AcquisitionNumber": 1,
  "ImageComments": "Single-band_reference",
  "SliceThickness": 2.4,
  "SpacingBetweenSlices": 2.4,
  "SAR": 0.0647132,
  "EchoTime": 0.033,
  "RepetitionTime": 1.2,
  "FlipAngle": 63,
  "PartialFourier": 1,
  "BaseResolution": 90,
  "ShimSetting": [
    -2015,
    -11412,
    5591,
    362,
    30,
    232,
    -263,
    13
  ],
  "TxRefAmp": 235.467,
  "PhaseResolution": 1,
  "VendorReportedEchoSpacing": 0.00059,
  "ReceiveCoilName": "Head_32",
  "ReceiveCoilActiveElements": "HEA;HEP",
  "PulseSequenceDetails": "%CustomerSeq%_cmrr_mbep2d_bold",
  "WipMemBlock": "941b8fdb-72b9-4a91-b0a3-7a40c87201cb||Sequence: ve11c/master r/ab69a6c; Apr 19 2017 09:47:47 by eja",
  "ConsistencyInfo": "N4_VE11C_LATEST_20160120",
  "PercentPhaseFOV": 100,
  "EchoTrainLength": 90,
  "PhaseEncodingSteps": 90,
  "AcquisitionMatrixPE": 90,
  "ReconMatrixPE": 90,
  "BandwidthPerPixelPhaseEncode": 18.832,
  "EffectiveEchoSpacing": 0.000590012,
  "DerivedVendorReportedEchoSpacing": 0.000590012,
  "TotalReadoutTime": 0.0525111,
  "PixelBandwidth": 2220,
  "DwellTime": 2.5e-06,
  "PhaseEncodingDirection": "j",
  "SliceTiming": [
    0,
    0.08,
    0.1575,
    0.2375,
    0.315,
    0.3925,
    0.4725,
    0.55,
    0.63,
    0.7075,
    0.7875,
    0.865,
    0.945,
    1.0225,
    1.1025,
    1.18,
    1.26,
    1.3375,
    1.415,
    1.495,
    1.5725,
    1.6525,
    1.73,
    1.81,
    1.8875,
    1.9675,
    2.045,
    2.125,
    2.2025,
    2.2825,
    2.36,
    2.44,
    2.5175,
    2.595,
    2.675,
    2.7525,
    2.8325,
    2.91,
    2.99,
    3.0675,
    3.1475,
    3.225,
    3.305,
    3.3825,
    3.4625,
    3.54,
    3.6175,
    3.6975,
    3.775,
    3.855,
    3.9325,
    4.0125,
    4.09,
    4.17,
    4.2475,
    4.3275,
    4.405,
    4.485,
    4.5625,
    4.6425
  ],
  "ImageOrientationPatientDICOM": [
    0.989764,
    -0.142673,
    -0.00352645,
    0.114695,
    0.80989,
    -0.575259
  ],
  "InPlanePhaseEncodingDirectionDICOM": "COL",
  "ConversionSoftware": "dcm2niix",
  "ConversionSoftwareVersion": "v1.0.20190902",
  "TaskName": "Stroop"
}