{
  "Modality": "MR",
  "MagneticFieldStrength": 3,
  "ImagingFrequency": 123.247,
  "Manufacturer": "Siemens",
  "ManufacturersModelName": "Prisma_fit",
  "InstitutionName": "Washington_University",
  "InstitutionalDepartmentName": "Department",
  "InstitutionAddress": "Scott_Ave_4525_St._Louis_MO_US_63110",
  "DeviceSerialNumber": "67064",
  "StationName": "MRC35177",
  "BodyPartExamined": "HEAD",
  "PatientPosition": "HFS",
  "ProcedureStepDescription": "head_Braver",
  "SoftwareVersions": "syngo_MR_E11",
  "MRAcquisitionType": "2D",
  "SeriesDescription": "SpinEchoFieldMap_AP",
  "ProtocolName": "SpinEchoFieldMap_AP",
  "ScanningSequence": "EP",
  "SequenceVariant": "SK",
  "ScanOptions": "FS",
  "SequenceName": "epse2d1_90",
  "ImageType": [
    "ORIGINAL",
    "PRIMARY",
    "M",
    "ND",
    "MOSAIC"
  ],
  "SeriesNumber": 9,
  "AcquisitionTime": "14:08:15.972500",
  "AcquisitionNumber": 1,
  "SliceThickness": 2.4,
  "SpacingBetweenSlices": 2.4,
  "SAR": 0.173798,
  "EchoTime": 0.06,
  "RepetitionTime": 6.1,
  "FlipAngle": 90,
  "PartialFourier": 1,
  "BaseResolution": 90,
  "ShimSetting": [
    -1952,
    -11310,
    5690,
    465,
    203,
    782,
    157,
    -92
  ],
  "TxRefAmp": 220.518,
  "PhaseResolution": 1,
  "VendorReportedEchoSpacing": 0.00059,
  "ReceiveCoilName": "Head_32",
  "ReceiveCoilActiveElements": "HEA;HEP",
  "PulseSequenceDetails": "%CustomerSeq%_cmrr_mbep2d_se",
  "WipMemBlock": "e0f73dea-d071-4f84-9040-907878aa9d45||Sequence: R016 ve11c/master r/e634e98; Dec 19 2017 11:22:56 by eja",
  "ConsistencyInfo": "N4_VE11C_LATEST_20160120",
  "PercentPhaseFOV": 100,
  "EchoTrainLength": 90,
  "PhaseEncodingSteps": 90,
  "AcquisitionMatrixPE": 90,
  "ReconMatrixPE": 90,
  "BandwidthPerPixelPhaseEncode": 18.832,
  "EffectiveEchoSpacing": 0.000590012,
  "DerivedVendorReportedEchoSpacing": 0.000590012,
  "TotalReadoutTime": 0.0525111,
  "PixelBandwidth": 2220,
  "DwellTime": 2.5e-06,
  "PhaseEncodingDirection": "j-",
  "SliceTiming": [
    3.04,
    0,
    3.14,
    0.1,
    3.2425,
    0.2025,
    3.3425,
    0.3025,
    3.445,
    0.405,
    3.545,
    0.505,
    3.6475,
    0.6075,
    3.7475,
    0.7075,
    3.85,
    0.81,
    3.95,
    0.9125,
    4.0525,
    1.0125,
    4.155,
    1.115,
    4.255,
    1.215,
    4.3575,
    1.3175,
    4.4575,
    1.4175,
    4.56,
    1.52,
    4.66,
    1.62,
    4.7625,
    1.7225,
    4.8625,
    1.8225,
    4.965,
    1.925,
    5.065,
    2.025,
    5.1675,
    2.1275,
    5.2675,
    2.2275,
    5.37,
    2.33,
    5.47,
    2.4325,
    5.5725,
    2.5325,
    5.675,
    2.635,
    5.775,
    2.735,
    5.8775,
    2.8375,
    5.9775,
    2.9375
  ],
  "ImageOrientationPatientDICOM": [
    0.998631,
    0.00993335,
    0.0513569,
    0.00749476,
    0.944502,
    -0.328419
  ],
  "InPlanePhaseEncodingDirectionDICOM": "COL",
  "ConversionSoftware": "dcm2niix",
  "ConversionSoftwareVersion": "v1.0.20190902",
  "IntendedFor": [
    "ses-wave1bas/func/sub-f1027ao_ses-wave1bas_task-Axcpt_acq-mb4PA_run-2_bold.nii.gz",
    "ses-wave1bas/func/sub-f1027ao_ses-wave1bas_task-Cuedts_acq-mb4PA_run-2_bold.nii.gz",
    "ses-wave1bas/func/sub-f1027ao_ses-wave1bas_task-Stern_acq-mb4PA_run-2_bold.nii.gz",
    "ses-wave1bas/func/sub-f1027ao_ses-wave1bas_task-Stroop_acq-mb4PA_run-2_bold.nii.gz"
  ]
}
