{
	"Modality": "MR",
	"MagneticFieldStrength": 3,
	"ImagingFrequency": 123.247,
	"Manufacturer": "Siemens",
	"ManufacturersModelName": "Prisma_fit",
	"InstitutionName": "Washington_University",
	"InstitutionalDepartmentName": "Department",
	"InstitutionAddress": "Scott_Ave_4525_St._Louis_MO_US_63110",
	"DeviceSerialNumber": "67064",
	"StationName": "MRC35177",
	"BodyPartExamined": "HEAD",
	"PatientPosition": "HFS",
	"ProcedureStepDescription": "head_Braver",
	"SoftwareVersions": "syngo_MR_E11",
	"MRAcquisitionType": "3D",
	"SeriesDescription": "T1w_MPR",
	"ProtocolName": "T1w_MPR",
	"ScanningSequence": "GR_IR",
	"SequenceVariant": "SK_SP_MP",
	"ScanOptions": "IR_WE",
	"SequenceName": "_tfl3d1_16ns",
	"ImageType": ["ORIGINAL", "PRIMARY", "M", "ND"],
	"SeriesNumber": 11,
	"AcquisitionTime": "17:22:28.327500",
	"AcquisitionNumber": 1,
	"SliceThickness": 0.8,
	"SAR": 0.0426024,
	"EchoTime": 0.00222,
	"RepetitionTime": 2.4,
	"InversionTime": 1,
	"FlipAngle": 8,
	"PartialFourier": 1,
	"BaseResolution": 320,
	"ShimSetting": [
		-1998,
		-11471,
		5836,
		518,
		-1,
		284,
		12,
		6	],
	"TxRefAmp": 256.451,
	"PhaseResolution": 1,
	"ReceiveCoilName": "Head_32",
	"ReceiveCoilActiveElements": "HEA;HEP",
	"PulseSequenceDetails": "%SiemensSeq%_tfl",
	"RefLinesPE": 32,
	"ConsistencyInfo": "N4_VE11C_LATEST_20160120",
	"PercentPhaseFOV": 93.75,
	"PhaseEncodingSteps": 299,
	"AcquisitionMatrixPE": 300,
	"ReconMatrixPE": 300,
	"ParallelReductionFactorInPlane": 2,
	"PixelBandwidth": 220,
	"DwellTime": 7.1e-06,
	"ImageOrientationPatientDICOM": [
		0.00484054,
		0.998144,
		-0.0606991,
		0.00551165,
		-0.0607255,
		-0.998139	],
	"InPlanePhaseEncodingDirectionDICOM": "ROW",
	"ConversionSoftware": "dcm2niix",
	"ConversionSoftwareVersion": "v1.0.20190902"
}
