{
  "Modality": "MR",
  "MagneticFieldStrength": 3,
  "ImagingFrequency": 123.247,
  "Manufacturer": "Siemens",
  "ManufacturersModelName": "Prisma_fit",
  "InstitutionName": "Washington_University",
  "InstitutionalDepartmentName": "Department",
  "InstitutionAddress": "Scott_Ave_4525_St._Louis_MO_US_63110",
  "DeviceSerialNumber": "67064",
  "StationName": "MRC35177",
  "BodyPartExamined": "HEAD",
  "PatientPosition": "HFS",
  "ProcedureStepDescription": "head_Braver",
  "SoftwareVersions": "syngo_MR_E11",
  "MRAcquisitionType": "2D",
  "SeriesDescription": "SpinEchoFieldMap_PA",
  "ProtocolName": "SpinEchoFieldMap_PA",
  "ScanningSequence": "EP",
  "SequenceVariant": "SK",
  "ScanOptions": "FS",
  "SequenceName": "epse2d1_90",
  "ImageType": [
    "ORIGINAL",
    "PRIMARY",
    "M",
    "ND",
    "MOSAIC"
  ],
  "SeriesNumber": 10,
  "AcquisitionTime": "18:27:57.987500",
  "AcquisitionNumber": 1,
  "SliceThickness": 2.4,
  "SpacingBetweenSlices": 2.4,
  "SAR": 0.158233,
  "EchoTime": 0.06,
  "RepetitionTime": 6.1,
  "FlipAngle": 90,
  "PartialFourier": 1,
  "BaseResolution": 90,
  "ShimSetting": [
    -2016,
    -11407,
    5763,
    702,
    33,
    353,
    21,
    -20
  ],
  "TxRefAmp": 248,
  "PhaseResolution": 1,
  "VendorReportedEchoSpacing": 0.00059,
  "ReceiveCoilName": "Head_32",
  "ReceiveCoilActiveElements": "HEA;HEP",
  "PulseSequenceDetails": "%CustomerSeq%_cmrr_mbep2d_se",
  "WipMemBlock": "ab32dce8-a9e4-4f02-ae37-56bfbcc3cdea||Sequence: ve11c/master r/b8bea8f; Mar  2 2017 17:17:24 by eja",
  "ConsistencyInfo": "N4_VE11C_LATEST_20160120",
  "PercentPhaseFOV": 100,
  "EchoTrainLength": 90,
  "PhaseEncodingSteps": 90,
  "AcquisitionMatrixPE": 90,
  "ReconMatrixPE": 90,
  "BandwidthPerPixelPhaseEncode": 18.832,
  "EffectiveEchoSpacing": 0.000590012,
  "DerivedVendorReportedEchoSpacing": 0.000590012,
  "TotalReadoutTime": 0.0525111,
  "PixelBandwidth": 2220,
  "DwellTime": 2.5e-06,
  "PhaseEncodingDirection": "j",
  "SliceTiming": [
    3.04,
    0,
    3.14,
    0.1025,
    3.2425,
    0.2025,
    3.345,
    0.305,
    3.445,
    0.405,
    3.5475,
    0.5075,
    3.6475,
    0.6075,
    3.75,
    0.71,
    3.85,
    0.81,
    3.9525,
    0.9125,
    4.0525,
    1.0125,
    4.155,
    1.115,
    4.255,
    1.215,
    4.3575,
    1.3175,
    4.4575,
    1.4175,
    4.56,
    1.52,
    4.66,
    1.6225,
    4.7625,
    1.7225,
    4.865,
    1.825,
    4.965,
    1.925,
    5.0675,
    2.0275,
    5.1675,
    2.1275,
    5.27,
    2.23,
    5.37,
    2.33,
    5.4725,
    2.4325,
    5.5725,
    2.5325,
    5.675,
    2.635,
    5.775,
    2.735,
    5.8775,
    2.8375,
    5.9775,
    2.9375
  ],
  "ImageOrientationPatientDICOM": [
    0.998317,
    0.0293875,
    -0.0500036,
    -0.0477779,
    0.905458,
    -0.421737
  ],
  "InPlanePhaseEncodingDirectionDICOM": "COL",
  "ConversionSoftware": "dcm2niix",
  "ConversionSoftwareVersion": "v1.0.20190902",
  "IntendedFor": [
    "ses-wave1bas/func/sub-f1031ax_ses-wave1bas_task-Axcpt_acq-mb4AP_run-1_bold.nii.gz",
    "ses-wave1bas/func/sub-f1031ax_ses-wave1bas_task-Cuedts_acq-mb4AP_run-1_bold.nii.gz",
    "ses-wave1bas/func/sub-f1031ax_ses-wave1bas_task-Stern_acq-mb4AP_run-1_bold.nii.gz",
    "ses-wave1bas/func/sub-f1031ax_ses-wave1bas_task-Stroop_acq-mb4AP_run-1_bold.nii.gz"
  ]
}
