{
  "Modality": "MR",
  "MagneticFieldStrength": 3,
  "ImagingFrequency": 123.247,
  "Manufacturer": "Siemens",
  "ManufacturersModelName": "Prisma_fit",
  "InstitutionName": "Washington_University",
  "InstitutionalDepartmentName": "Department",
  "InstitutionAddress": "Scott_Ave_4525_St._Louis_MO_US_63110",
  "DeviceSerialNumber": "67064",
  "StationName": "MRC35177",
  "BodyPartExamined": "HEAD",
  "PatientPosition": "HFS",
  "ProcedureStepDescription": "head_Braver",
  "SoftwareVersions": "syngo_MR_E11",
  "MRAcquisitionType": "2D",
  "SeriesDescription": "tfMRI_CuedtsBas1_AP_SBRef",
  "ProtocolName": "tfMRI_CuedtsBas1_AP",
  "ScanningSequence": "EP",
  "SequenceVariant": "SK_SS",
  "ScanOptions": "FS_EXT",
  "SequenceName": "epfid2d1_90",
  "ImageType": [
    "ORIGINAL",
    "PRIMARY",
    "M",
    "ND",
    "MOSAIC"
  ],
  "SeriesNumber": 18,
  "AcquisitionTime": "16:10:59.877500",
  "AcquisitionNumber": 1,
  "ImageComments": "Single-band_reference",
  "SliceThickness": 2.4,
  "SpacingBetweenSlices": 2.4,
  "SAR": 0.0790704,
  "EchoTime": 0.033,
  "RepetitionTime": 1.2,
  "FlipAngle": 63,
  "PartialFourier": 1,
  "BaseResolution": 90,
  "ShimSetting": [
    -2014,
    -11493,
    5849,
    354,
    -31,
    14,
    118,
    -40
  ],
  "TxRefAmp": 268.589,
  "PhaseResolution": 1,
  "VendorReportedEchoSpacing": 0.00059,
  "ReceiveCoilName": "Head_32",
  "ReceiveCoilActiveElements": "HEA;HEP",
  "PulseSequenceDetails": "%CustomerSeq%_cmrr_mbep2d_bold",
  "WipMemBlock": "c17b755d-fc3f-47ea-8338-4cc4da1369bd||Sequence: ve11c/master r/b8bea8f; Mar  2 2017 16:56:44 by eja",
  "ConsistencyInfo": "N4_VE11C_LATEST_20160120",
  "PercentPhaseFOV": 100,
  "EchoTrainLength": 90,
  "PhaseEncodingSteps": 90,
  "AcquisitionMatrixPE": 90,
  "ReconMatrixPE": 90,
  "BandwidthPerPixelPhaseEncode": 18.832,
  "EffectiveEchoSpacing": 0.000590012,
  "DerivedVendorReportedEchoSpacing": 0.000590012,
  "TotalReadoutTime": 0.0525111,
  "PixelBandwidth": 2220,
  "DwellTime": 2.5e-06,
  "PhaseEncodingDirection": "j-",
  "SliceTiming": [
    0,
    0.0775,
    0.1575,
    0.235,
    0.3125,
    0.3925,
    0.47,
    0.55,
    0.6275,
    0.7075,
    0.785,
    0.865,
    0.9425,
    1.0225,
    1.1,
    1.18,
    1.2575,
    1.3375,
    1.415,
    1.4925,
    1.5725,
    1.65,
    1.73,
    1.8075,
    1.8875,
    1.965,
    2.045,
    2.1225,
    2.2025,
    2.28,
    2.36,
    2.4375,
    2.515,
    2.595,
    2.6725,
    2.7525,
    2.83,
    2.91,
    2.9875,
    3.0675,
    3.145,
    3.225,
    3.3025,
    3.3825,
    3.46,
    3.54,
    3.6175,
    3.695,
    3.775,
    3.8525,
    3.9325,
    4.01,
    4.09,
    4.1675,
    4.2475,
    4.325,
    4.405,
    4.4825,
    4.5625,
    4.64
  ],
  "ImageOrientationPatientDICOM": [
    0.999709,
    0.000181117,
    0.0241246,
    0.0122144,
    0.858539,
    -0.512602
  ],
  "InPlanePhaseEncodingDirectionDICOM": "COL",
  "ConversionSoftware": "dcm2niix",
  "ConversionSoftwareVersion": "v1.0.20190902",
  "TaskName": "Cuedts"
}